{
    "Modality": "MR",
    "MagneticFieldStrength": 3,
    "ImagingFrequency": 127.695748,
    "Manufacturer": "GE",
    "InternalPulseSequenceName": "EPI",
    "ManufacturersModelName": "DISCOVERY MR750",
    "InstitutionName": "NIH FMRIF",
    "DeviceSerialNumber": "000301496MR3T6MR",
    "StationName": "fmrif3tb",
    "BodyPartExamined": "BRAIN",
    "PatientPosition": "HFS",
    "ProcedureStepDescription": "MRI Procedure Limited",
    "SoftwareVersions": "27\\LX\\MR Software release:DV26.0_R03_1831.b",
    "MRAcquisitionType": "2D",
    "SeriesDescription": "EPI 3mm Selves Prevmatch",
    "ProtocolName": "[XT-ID:17-M-0147] NNU -",
    "ScanningSequence": "EP\\RM",
    "SequenceVariant": "NONE",
    "ScanOptions": "SAT_GEMS\\EPI_GEMS\\ACC_GEMS\\FS",
    "PulseSequenceName": "epiRTnih",
    "ImageType": [
        "ORIGINAL",
        "PRIMARY",
        "EPI",
        "NONE"
    ],
    "SeriesNumber": 5,
    "AcquisitionTime": "09:47:6.000000",
    "AcquisitionNumber": 1,
    "SliceThickness": 3,
    "SpacingBetweenSlices": 3,
    "SAR": 0.0976117,
    "EchoTime": 0.03,
    "RepetitionTime": 3,
    "FlipAngle": 70,
    "PhaseEncodingPolarityGE": "Flipped",
    "ShimSetting": [
        7,
        -1,
        -16
    ],
    "CoilString": "32Ch Head",
    "PercentPhaseFOV": 100,
    "PercentSampling": 100,
    "AcquisitionMatrixPE": 72,
    "ReconMatrixPE": 72,
    "ParallelReductionFactorInPlane": 2,
    "EffectiveEchoSpacing": 0.000230704,
    "TotalReadoutTime": 0.01638,
    "PixelBandwidth": 6944.44,
    "PhaseEncodingDirection": "j",
    "SliceTiming": [
        0,
        1.5,
        0.0576923,
        1.55769,
        0.115385,
        1.61538,
        0.173077,
        1.67308,
        0.230769,
        1.73077,
        0.288462,
        1.78846,
        0.346154,
        1.84615,
        0.403846,
        1.90385,
        0.461538,
        1.96154,
        0.519231,
        2.01923,
        0.576923,
        2.07692,
        0.634615,
        2.13462,
        0.692308,
        2.19231,
        0.75,
        2.25,
        0.807692,
        2.30769,
        0.865385,
        2.36538,
        0.923077,
        2.42308,
        0.980769,
        2.48077,
        1.03846,
        2.53846,
        1.09615,
        2.59615,
        1.15385,
        2.65385,
        1.21154,
        2.71154,
        1.26923,
        2.76923,
        1.32692,
        2.82692,
        1.38462,
        2.88462,
        1.44231,
        2.94231
    ],
    "ImageOrientationPatientDICOM": [
        1,
        0,
        0,
        0,
        0.99244,
        0.12275
    ],
    "InPlanePhaseEncodingDirectionDICOM": "COL",
    "ConversionSoftware": "dcm2niix",
    "ConversionSoftwareVersion": "v1.0.20230411",
    "Dcm2bidsVersion": "3.1.1",
    "TaskName": "Prevmatch"
}