{
    "Modality": "MR",
    "MagneticFieldStrength": 3,
    "ImagingFrequency": 127.695748,
    "Manufacturer": "GE",
    "ManufacturersModelName": "DISCOVERY MR750",
    "InstitutionName": "NIH FMRIF",
    "DeviceSerialNumber": "000301496MR3T6MR",
    "StationName": "fmrif3tb",
    "BodyPartExamined": "BRAIN",
    "PatientPosition": "HFS",
    "ProcedureStepDescription": "MRI Procedure Limited",
    "SoftwareVersions": "27\\LX\\MR Software release:DV26.0_R03_1831.b",
    "MRAcquisitionType": "3D",
    "SeriesDescription": "Anat T2w Sag CUBE PROMO ARC",
    "ProtocolName": "[XT-ID:17-M-0147] NNU -",
    "ScanningSequence": "SE",
    "SequenceVariant": "SK",
    "ScanOptions": "EDR_GEMS\\PROMO_GEMS\\ACC_GEMS",
    "PulseSequenceName": "Cube",
    "ImageType": [
        "ORIGINAL",
        "PRIMARY",
        "OTHER"
    ],
    "SeriesNumber": 9,
    "AcquisitionTime": "13:45:11.000000",
    "AcquisitionNumber": 1,
    "SliceThickness": 1,
    "SpacingBetweenSlices": 1,
    "SAR": 0.3,
    "EchoTime": 0.092445,
    "RepetitionTime": 2.502,
    "FlipAngle": 90,
    "ShimSetting": [
        6,
        0,
        -16
    ],
    "PrescanReuseString": "TG/s2,RN/s1",
    "CoilString": "32Ch Head",
    "PercentPhaseFOV": 100,
    "PercentSampling": 100,
    "EchoTrainLength": 75,
    "AcquisitionMatrixPE": 256,
    "ReconMatrixPE": 256,
    "ParallelReductionFactorInPlane": 2,
    "ParallelReductionFactorOutOfPlane": 2,
    "PixelBandwidth": 195.312,
    "PhaseEncodingAxis": "i",
    "ImageOrientationPatientDICOM": [
        0,
        1,
        0,
        0,
        0,
        -1
    ],
    "InPlanePhaseEncodingDirectionDICOM": "ROW",
    "ConversionSoftware": "dcm2niix",
    "ConversionSoftwareVersion": "v1.0.20230411",
    "Dcm2bidsVersion": "3.1.1"
}