{
    "Modality": "MR",
    "MagneticFieldStrength": 3,
    "ImagingFrequency": 127.695922,
    "Manufacturer": "GE",
    "InternalPulseSequenceName": "EPI",
    "ManufacturersModelName": "DISCOVERY MR750",
    "InstitutionName": "NIH FMRIF",
    "DeviceSerialNumber": "000301496MR3T6MR",
    "StationName": "fmrif3tb",
    "BodyPartExamined": "BRAIN",
    "PatientPosition": "HFS",
    "ProcedureStepDescription": "MRI Procedure Limited",
    "SoftwareVersions": "27\\LX\\MR Software release:DV26.0_R03_1831.b",
    "MRAcquisitionType": "2D",
    "SeriesDescription": "EPI 3mm Selves Prevmismatch",
    "ProtocolName": "[XT-ID:17-M-0147] NNU -",
    "ScanningSequence": "EP\\RM",
    "SequenceVariant": "NONE",
    "ScanOptions": "SAT_GEMS\\EPI_GEMS\\ACC_GEMS\\FS",
    "PulseSequenceName": "epiRTnih",
    "ImageType": [
        "ORIGINAL",
        "PRIMARY",
        "EPI",
        "NONE"
    ],
    "SeriesNumber": 7,
    "AcquisitionTime": "14:57:25.000000",
    "AcquisitionNumber": 1,
    "SliceThickness": 3,
    "SpacingBetweenSlices": 3,
    "SAR": 0.105759,
    "EchoTime": 0.03,
    "RepetitionTime": 3,
    "FlipAngle": 70,
    "PhaseEncodingPolarityGE": "Flipped",
    "ShimSetting": [
        6,
        5,
        -5
    ],
    "PrescanReuseString": "TG/s1,RN/s1",
    "CoilString": "32Ch Head",
    "PercentPhaseFOV": 100,
    "PercentSampling": 100,
    "AcquisitionMatrixPE": 72,
    "ReconMatrixPE": 72,
    "ParallelReductionFactorInPlane": 2,
    "EffectiveEchoSpacing": 0.000230704,
    "TotalReadoutTime": 0.01638,
    "PixelBandwidth": 6944.44,
    "PhaseEncodingDirection": "j",
    "SliceTiming": [
        0,
        1.5,
        0.0555556,
        1.55556,
        0.111111,
        1.61111,
        0.166667,
        1.66667,
        0.222222,
        1.72222,
        0.277778,
        1.77778,
        0.333333,
        1.83333,
        0.388889,
        1.88889,
        0.444444,
        1.94444,
        0.5,
        2,
        0.555556,
        2.05556,
        0.611111,
        2.11111,
        0.666667,
        2.16667,
        0.722222,
        2.22222,
        0.777778,
        2.27778,
        0.833333,
        2.33333,
        0.888889,
        2.38889,
        0.944444,
        2.44444,
        1,
        2.5,
        1.05556,
        2.55556,
        1.11111,
        2.61111,
        1.16667,
        2.66667,
        1.22222,
        2.72222,
        1.27778,
        2.77778,
        1.33333,
        2.83333,
        1.38889,
        2.88889,
        1.44444,
        2.94444
    ],
    "ImageOrientationPatientDICOM": [
        1,
        0,
        0,
        0,
        0.98856,
        -0.15084
    ],
    "InPlanePhaseEncodingDirectionDICOM": "COL",
    "ConversionSoftware": "dcm2niix",
    "ConversionSoftwareVersion": "v1.0.20230411",
    "Dcm2bidsVersion": "3.1.1",
    "TaskName": "Prevmismatch"
}