{
    "Modality": "MR",
    "MagneticFieldStrength": 3,
    "ImagingFrequency": 127.696169,
    "Manufacturer": "GE",
    "InternalPulseSequenceName": "EPI",
    "ManufacturersModelName": "DISCOVERY MR750",
    "InstitutionName": "NIH FMRIF",
    "DeviceSerialNumber": "000301496MR3T6MR",
    "StationName": "FMRI3tb",
    "BodyPartExamined": "BRAIN",
    "PatientPosition": "HFS",
    "ProcedureStepDescription": "MRI Brain",
    "SoftwareVersions": "27\\LX\\MR Software release:DV26.0_R03_1831.b",
    "MRAcquisitionType": "2D",
    "SeriesDescription": "EPI 3mm Selves Prevmatch",
    "ProtocolName": "NNU - Umbrella - 2018.02",
    "ScanningSequence": "EP\\RM",
    "SequenceVariant": "NONE",
    "ScanOptions": "SAT_GEMS\\EPI_GEMS\\ACC_GEMS\\FS",
    "PulseSequenceName": "epiRTnih",
    "ImageType": [
        "ORIGINAL",
        "PRIMARY",
        "EPI",
        "NONE"
    ],
    "SeriesNumber": 12,
    "AcquisitionTime": "14:49:48.000000",
    "AcquisitionNumber": 1,
    "SliceThickness": 3,
    "SpacingBetweenSlices": 3,
    "SAR": 0.0771136,
    "EchoTime": 0.03,
    "RepetitionTime": 2,
    "FlipAngle": 70,
    "PhaseEncodingPolarityGE": "Flipped",
    "ShimSetting": [
        2,
        0,
        -13
    ],
    "CoilString": "32Ch Head",
    "PercentPhaseFOV": 100,
    "PercentSampling": 100,
    "AcquisitionMatrixPE": 72,
    "ReconMatrixPE": 72,
    "ParallelReductionFactorInPlane": 2,
    "EffectiveEchoSpacing": 0.000230704,
    "TotalReadoutTime": 0.01638,
    "PixelBandwidth": 6944.44,
    "PhaseEncodingDirection": "j",
    "SliceTiming": [
        0,
        1,
        0.0588235,
        1.05882,
        0.117647,
        1.11765,
        0.176471,
        1.17647,
        0.235294,
        1.23529,
        0.294118,
        1.29412,
        0.352941,
        1.35294,
        0.411765,
        1.41176,
        0.470588,
        1.47059,
        0.529412,
        1.52941,
        0.588235,
        1.58824,
        0.647059,
        1.64706,
        0.705882,
        1.70588,
        0.764706,
        1.76471,
        0.823529,
        1.82353,
        0.882353,
        1.88235,
        0.941176,
        1.94118
    ],
    "ImageOrientationPatientDICOM": [
        0.99997,
        0.0001,
        0.00756,
        0,
        0.99992,
        -0.01298
    ],
    "InPlanePhaseEncodingDirectionDICOM": "COL",
    "ConversionSoftware": "dcm2niix",
    "ConversionSoftwareVersion": "v1.0.20230411",
    "Dcm2bidsVersion": "3.1.1",
    "TaskName": "Prevmatch"
}